GEM
  remote: https://rubygems.org/
  specs:
    colorize (0.8.1)
    covid19 (1.0.1)
      colorize (~> 0.8)
      terminal-table (~> 1.8)
    httparty (0.18.1)
      mime-types (~> 3.0)
      multi_xml (>= 0.5.2)
    mime-types (3.3.1)
      mime-types-data (~> 3.2015)
    mime-types-data (3.2020.1104)
    multi_xml (0.6.0)
    rake (12.3.3)
    terminal-table (1.8.0)
      unicode-display_width (~> 1.1, >= 1.1.1)
    unicode-display_width (1.7.0)

PLATFORMS
  ruby

DEPENDENCIES
  covid19
  httparty (~> 0.18.1)
  rake (~> 12.0)

BUNDLED WITH
   2.1.4
